GEM
  remote: https://rubygems.org/
  specs:
    bitfinex-rb (0.1.0)
      eventmachine (~> 1.0, >= 1.0.9.1)
      faraday (~> 0.9.2, >= 0.9.2)
      faraday-detailed_logger (~> 1.0.0, >= 1.0.0)
      faraday_middleware (~> 0.10, >= 0.10.0)
      faye-websocket (~> 0.10.3)
      json (~> 1.8.3, >= 1.8.3)
    coderay (1.1.2)
    coinbase (4.1.0)
    diff-lcs (1.3)
    eventmachine (1.2.5)
    faraday (0.9.2)
      multipart-post (>= 1.2, < 3)
    faraday-detailed_logger (1.0.0)
      faraday
    faraday_middleware (0.12.2)
      faraday (>= 0.7.4, < 1.0)
    faye-websocket (0.10.7)
      eventmachine (>= 0.12.0)
      websocket-driver (>= 0.5.1)
    httparty (0.15.6)
      multi_xml (>= 0.5.2)
    json (1.8.6)
    method_source (0.9.0)
    multi_xml (0.6.0)
    multipart-post (2.0.0)
    pry (0.11.3)
      coderay (~> 1.1.0)
      method_source (~> 0.9.0)
    rspec (3.7.0)
      rspec-core (~> 3.7.0)
      rspec-expectations (~> 3.7.0)
      rspec-mocks (~> 3.7.0)
    rspec-core (3.7.0)
      rspec-support (~> 3.7.0)
    rspec-expectations (3.7.0)
      diff-lcs (>= 1.2.0, < 2.0)
      rspec-support (~> 3.7.0)
    rspec-mocks (3.7.0)
      diff-lcs (>= 1.2.0, < 2.0)
      rspec-support (~> 3.7.0)
    rspec-support (3.7.0)
    websocket-driver (0.7.0)
      websocket-extensions (>= 0.1.0)
    websocket-extensions (0.1.3)

PLATFORMS
  ruby

DEPENDENCIES
  bitfinex-rb
  coinbase
  httparty
  json
  pry
  rspec

BUNDLED WITH
   1.14.6
